GEM
  remote: https://rubygems.org/
  remote: https://gems.contribsys.com/
  specs:
    concurrent-ruby (1.1.6)
    connection_pool (2.2.2)
    et-orbi (1.2.4)
      tzinfo
    fugit (1.3.3)
      et-orbi (~> 1.1, >= 1.1.8)
      raabro (~> 1.1)
    raabro (1.1.6)
    rack (2.2.2)
    rack-protection (2.0.8.1)
      rack
    redis (4.1.3)
    sidekiq (6.0.6)
      connection_pool (>= 2.2.2)
      rack (~> 2.0)
      rack-protection (>= 2.0.0)
      redis (>= 4.1.0)
    sidekiq-cron (1.1.0)
      fugit (~> 1.1)
      sidekiq (>= 4.2.1)
    sidekiq-pro (5.0.1)
      concurrent-ruby (>= 1.0.5)
      sidekiq (>= 6.0.1)
    tzinfo (2.0.1)
      concurrent-ruby (~> 1.0)

PLATFORMS
  ruby

DEPENDENCIES
  sidekiq
  sidekiq-cron
  sidekiq-pro (< 6)!

BUNDLED WITH
   1.17.3
